GEM
  remote: http://rubygems.org/
  specs:
    rack (1.3.3)

PLATFORMS
  ruby

DEPENDENCIES
  rack
